GEM
  remote: https://rubygems.org/
  specs:
    mina (0.3.7)
      open4 (~> 1.3.4)
      rake
    open4 (1.3.4)
    rake (10.4.2)

PLATFORMS
  ruby

DEPENDENCIES
  mina (= 0.3.7)

BUNDLED WITH
   1.10.6
